PATH
  remote: .
  specs:
    ups-ruby (0.17.1)
      excon (~> 0.45, >= 0.45.3)
      insensitive_hash (~> 0.3.3)
      levenshtein-ffi (~> 1.1)
      ox (~> 2.2, >= 2.2.0)

GEM
  remote: http://rubygems.org/
  specs:
    ast (2.4.2)
    codeclimate-test-reporter (1.0.9)
      simplecov (<= 0.13)
    docile (1.1.5)
    excon (0.110.0)
    ffi (1.16.3)
    insensitive_hash (0.3.3)
    json (2.7.2)
    language_server-protocol (3.17.0.3)
    levenshtein-ffi (1.1.0)
      ffi (~> 1.9)
    minitest (5.22.3)
    ox (2.14.18)
    parallel (1.24.0)
    parser (3.3.0.5)
      ast (~> 2.4.1)
      racc
    racc (1.7.3)
    rainbow (3.1.1)
    rake (13.2.1)
    regexp_parser (2.9.0)
    rexml (3.2.6)
    rubocop (1.63.3)
      json (~> 2.3)
      language_server-protocol (>= 3.17.0)
      parallel (~> 1.10)
      parser (>= 3.3.0.2)
      rainbow (>= 2.2.2, < 4.0)
      regexp_parser (>= 1.8, < 3.0)
      rexml (>= 3.2.5, < 4.0)
      rubocop-ast (>= 1.31.1, < 2.0)
      ruby-progressbar (~> 1.7)
      unicode-display_width (>= 2.4.0, < 3.0)
    rubocop-ast (1.31.2)
      parser (>= 3.3.0.4)
    ruby-progressbar (1.13.0)
    simplecov (0.13.0)
      docile (~> 1.1.0)
      json (>= 1.8, < 3)
      simplecov-html (~> 0.10.0)
    simplecov-html (0.10.2)
    unicode-display_width (2.5.0)

PLATFORMS
  ruby

DEPENDENCIES
  codeclimate-test-reporter (~> 1.0.0)
  minitest
  rake
  rubocop
  simplecov
  ups-ruby!

BUNDLED WITH
   2.5.9
