PATH
  remote: .
  specs:
    ups-ruby (0.17.1)
      excon (~> 0.45, >= 0.45.3)
      insensitive_hash (~> 0.3.3)
      levenshtein-ffi (~> 1.1)
      ox (~> 2.2, >= 2.2.0)

GEM
  remote: http://rubygems.org/
  specs:
    codeclimate-test-reporter (1.0.9)
      simplecov (<= 0.13)
    docile (1.1.5)
    excon (0.110.0)
    ffi (1.16.3)
    insensitive_hash (0.3.3)
    json (2.7.2)
    levenshtein-ffi (1.1.0)
      ffi (~> 1.9)
    minitest (5.22.3)
    ox (2.14.18)
    rake (13.2.1)
    simplecov (0.13.0)
      docile (~> 1.1.0)
      json (>= 1.8, < 3)
      simplecov-html (~> 0.10.0)
    simplecov-html (0.10.2)

PLATFORMS
  ruby

DEPENDENCIES
  codeclimate-test-reporter (~> 1.0.0)
  minitest
  rake
  simplecov
  ups-ruby!

BUNDLED WITH
   2.5.9
